GEM
  remote: https://rubygems.org/
  specs:
    erubis (2.7.0)
    multi_json (1.15.0)
    mustermann (1.1.1)
      ruby2_keywords (~> 0.0.1)
    nio4r (2.5.8)
    pg (1.2.3)
    puma (5.5.2)
      nio4r (~> 2.0)
    rack (2.2.3)
    rack-protection (2.1.0)
      rack
    ruby2_keywords (0.0.5)
    sinatra (2.1.0)
      mustermann (~> 1.0)
      rack (~> 2.2)
      rack-protection (= 2.1.0)
      tilt (~> 2.0)
    sinatra-contrib (2.1.0)
      multi_json
      mustermann (~> 1.0)
      rack-protection (= 2.1.0)
      sinatra (= 2.1.0)
      tilt (~> 2.0)
    sinatra-cors (1.2.0)
    tilt (2.0.10)

PLATFORMS
  x86_64-linux

DEPENDENCIES
  erubis
  pg
  puma
  sinatra
  sinatra-contrib
  sinatra-cors

RUBY VERSION
   ruby 3.0.2p107

BUNDLED WITH
   2.2.22
